GEM
  remote: https://rubygems.org/
  specs:
    curses (1.3.1)

PLATFORMS
  ruby

DEPENDENCIES
  curses

RUBY VERSION
   ruby 2.6.0p0

BUNDLED WITH
   2.0.1
